GEM
  remote: http://rubygems.org/
  specs:
    SyslogLogger (1.4.0)
      hoe (>= 1.2.0)
    daemons (1.1.0)
    git (1.2.5)
    hoe (2.6.1)
      rake (>= 0.8.7)
      rubyforge (>= 2.0.4)
    jeweler (1.6.4)
      bundler (~> 1.0)
      git (>= 1.2.5)
      rake
    json (1.4.6)
    json_pure (1.4.6)
    mocha (0.9.12)
    rack (1.2.3)
    rack-test (0.5.7)
      rack (>= 1.0)
    rake (0.9.2)
    rcov (0.9.8)
    rdoc (3.8)
    redgreen (1.2.2)
    rubyforge (2.0.4)
      json_pure (>= 1.1.7)
    shoulda (2.11.3)
    sinatra (1.2.6)
      rack (~> 1.1)
      tilt (>= 1.2.2, < 2.0)
    tilt (1.3)

PLATFORMS
  ruby

DEPENDENCIES
  SyslogLogger
  bundler (~> 1.0.0)
  daemons
  jeweler (~> 1.6.4)
  json
  mocha
  rack-test
  rcov
  rdoc
  redgreen (= 1.2.2)
  shoulda
  sinatra
